GEM
  remote: https://rubygems.org/
  specs:
    bond (0.5.1)
    cheddar (1.0)
    childprocess (0.5.9)
      ffi (~> 1.0, >= 1.0.11)
    data_uri (0.1.0)
    dnsruby (1.59.3)
    ffi (1.9.10)
    iruby (0.2.9)
      bond (~> 0.5)
      data_uri (~> 0.1)
      mimemagic (~> 0.3)
      multi_json (~> 1.11)
    mimemagic (0.3.1)
    mini_portile (0.6.2)
    multi_json (1.11.2)
    nokogiri (1.6.6.4)
      mini_portile (~> 0.6.0)
    rbczmq (1.7.9)
    rubyzip (1.2.0)
    selenium-webdriver (2.53.4)
      childprocess (~> 0.5)
      rubyzip (~> 1.0)
      websocket (~> 1.0)
    stringex (2.6.1)
    watir-webdriver (0.9.1)
      selenium-webdriver (>= 2.46.2)
    websocket (1.2.3)

PLATFORMS
  ruby

DEPENDENCIES
  cheddar
  dnsruby
  iruby
  nokogiri
  rbczmq
  stringex
  watir-webdriver
